GEM
  remote: https://rubygems.org/
  specs:
    backports (3.15.0)
    diff-lcs (1.3)
    multi_json (1.13.1)
    mustermann (1.0.3)
    mysql2 (0.5.2)
    mysql2-cs-bind (0.0.7)
      mysql2
    nio4r (2.5.2)
    puma (4.2.0)
      nio4r (~> 2.0)
    rack (2.2.3)
    rack-protection (2.0.7)
      rack
    rspec (3.8.0)
      rspec-core (~> 3.8.0)
      rspec-expectations (~> 3.8.0)
      rspec-mocks (~> 3.8.0)
    rspec-core (3.8.2)
      rspec-support (~> 3.8.0)
    rspec-expectations (3.8.4)
      diff-lcs (>= 1.2.0, < 2.0)
      rspec-support (~> 3.8.0)
    rspec-mocks (3.8.1)
      diff-lcs (>= 1.2.0, < 2.0)
      rspec-support (~> 3.8.0)
    rspec-support (3.8.2)
    sinatra (2.0.7)
      mustermann (~> 1.0)
      rack (~> 2.0)
      rack-protection (= 2.0.7)
      tilt (~> 2.0)
    sinatra-contrib (2.0.7)
      backports (>= 2.8.2)
      multi_json
      mustermann (~> 1.0)
      rack-protection (= 2.0.7)
      sinatra (= 2.0.7)
      tilt (~> 2.0)
    tilt (2.0.10)

PLATFORMS
  ruby

DEPENDENCIES
  mysql2
  mysql2-cs-bind
  puma
  rspec
  sinatra
  sinatra-contrib

BUNDLED WITH
   1.17.2
